PATH
  remote: .
  specs:
    icws (2.0.0)
      json (~> 0)
      rest-client (~> 0)

GEM
  remote: https://rubygems.org/
  specs:
    json (0.4.3)
    rake (10.3.2)
    rest-client (0.9.2)

PLATFORMS
  ruby

DEPENDENCIES
  icws!
  rake
